GEM
  remote: https://rubygems.org/
  specs:
    Ascii85 (1.0.2)
    activemodel (4.2.7.1)
      activesupport (= 4.2.7.1)
      builder (~> 3.1)
    activesupport (4.2.7.1)
      i18n (~> 0.7)
      json (~> 1.7, >= 1.7.7)
      minitest (~> 5.1)
      thread_safe (~> 0.3, >= 0.3.4)
      tzinfo (~> 1.1)
    afm (0.2.2)
    bson (4.1.1)
    builder (3.2.2)
    concurrent-ruby (1.0.2)
    hashery (2.1.2)
    i18n (0.7.0)
    json (1.8.3)
    minitest (5.9.1)
    mongo (2.3.0)
      bson (~> 4.1)
    mongoid (5.1.4)
      activemodel (~> 4.0)
      mongo (~> 2.1)
      origin (~> 2.2)
      tzinfo (>= 0.3.37)
    origin (2.2.0)
    pdf-reader (1.4.0)
      Ascii85 (~> 1.0.0)
      afm (~> 0.2.1)
      hashery (~> 2.0)
      ruby-rc4
      ttfunk
    ruby-rc4 (0.1.5)
    thread_safe (0.3.5)
    ttfunk (1.4.0)
    tzinfo (1.2.2)
      thread_safe (~> 0.1)

PLATFORMS
  ruby

DEPENDENCIES
  concurrent-ruby (~> 1.0.2)
  mongoid (~> 5.1.0)
  pdf-reader (~> 1.4.0)

BUNDLED WITH
   1.13.2
